GEM
  remote: https://rubygems.org/
  specs:

PLATFORMS
  ruby

DEPENDENCIES

RUBY VERSION
   ruby 2.6.10p210

BUNDLED WITH
   1.17.2
